GEM
  remote: http://rubygems.org/
  specs:
    json_pure (1.5.1)
    rack (1.2.2)
    sinatra (1.2.6)
      rack (~> 1.1)
      tilt (>= 1.2.2, < 2.0)
    sinatra-jsonp (0.3.1)
      json_pure (~> 1.4)
      sinatra (~> 1.0)
    tilt (1.3)

PLATFORMS
  ruby

DEPENDENCIES
  sinatra
  sinatra-jsonp
